GEM
  remote: https://rubygems.org/
  specs:
    json (1.7.7)
    net-http-digest_auth (1.4)

PLATFORMS
  ruby

DEPENDENCIES
  json
  net-http-digest_auth
