GEM
  remote: https://rubygems.org/
  specs:
    json (1.8.1)
    net-http-digest_auth (1.4)

PLATFORMS
  ruby

DEPENDENCIES
  json
  net-http-digest_auth
